GEM
  remote: http://rubygems.org/
  specs:
    activemodel (3.0.9)
      activesupport (= 3.0.9)
      builder (~> 2.1.2)
      i18n (~> 0.5.0)
    activerecord (3.0.9)
      activemodel (= 3.0.9)
      activesupport (= 3.0.9)
      arel (~> 2.0.10)
      tzinfo (~> 0.3.23)
    activesupport (3.0.9)
    arel (2.0.10)
    builder (2.1.2)
    i18n (0.5.0)
    lookup (1.1.4)
      activerecord (>= 2.3.8)
      nokogiri
      sqlite3 (>= 1.2.5)
    nokogiri (1.4.5)
    sqlite3 (1.3.3)
    summer (1.0.0)
    tzinfo (0.3.28)

PLATFORMS
  ruby

DEPENDENCIES
  activerecord (~> 3.0.5)
  lookup
  summer
